RESTRICTION: == net7.0-windows7.0
NUGET
  remote: https://www.nuget.org/api/v2
    Expecto (9.0.4)
      FSharp.Core (>= 4.6)
      Mono.Cecil (>= 0.11.3)
    Flow.Launcher.Plugin (4.0.1)
      JetBrains.Annotations (>= 2022.3.1)
      PropertyChanged.Fody (>= 3.4)
    Fody (6.7)
    FSharp.Core (7.0.300)
    IcedTasks (0.5.4)
      FSharp.Core (>= 7.0)
    JetBrains.Annotations (2022.3.1)
    Mono.Cecil (0.11.5)
    Newtonsoft.Json (13.0.3)
    PropertyChanged.Fody (4.1)
      Fody (>= 6.6.4)
    RestSharp (110.2)
      System.Text.Json (>= 7.0.2)
    System.Text.Encodings.Web (7.0)
    System.Text.Json (7.0.2)
      System.Text.Encodings.Web (>= 7.0)
