RESTRICTION: == net452
NUGET
  remote: https://www.nuget.org/api/v2
    FSharp.Core (4.3.3)
    Newtonsoft.Json (10.0.3)
    RestSharp (106.2.1)
      System.ValueTuple (>= 4.4)
    System.ValueTuple (4.5)
    Wox.Plugin (1.3.159)
