RESTRICTION: == net7.0-windows7.0
NUGET
  remote: https://www.nuget.org/api/v2
    Expecto (10.1)
      FSharp.Core (>= 7.0.200)
      Mono.Cecil (>= 0.11.4 < 1.0)
    Flow.Launcher.Plugin (4.1)
      JetBrains.Annotations (>= 2022.3.1)
      PropertyChanged.Fody (>= 3.4)
    Fody (6.8)
    FSharp.Core (7.0.300)
    IcedTasks (0.7.1)
      FSharp.Core (>= 7.0)
    JetBrains.Annotations (2023.2)
    Mono.Cecil (0.11.5)
    PropertyChanged.Fody (4.1)
      Fody (>= 6.6.4)
    RestSharp (110.2)
      System.Text.Json (>= 7.0.2)
    System.Text.Encodings.Web (7.0)
    System.Text.Json (7.0.3)
      System.Text.Encodings.Web (>= 7.0)
