RESTRICTION: == net452
NUGET
  remote: https://www.nuget.org/api/v2
    FSharp.Core (4.7.1)
    Newtonsoft.Json (12.0.3)
    RestSharp (106.10.1)
    Wox.Plugin (1.3.159)
