RESTRICTION: || (== net452) (== net461)
NUGET
  remote: https://www.nuget.org/api/v2
    FSharp.Core (4.7.1)
    Newtonsoft.Json (12.0.3)
    RestSharp (106.10.1)
    Wox.Plugin (1.3.159)

GROUP Tests
RESTRICTION: == net461
NUGET
  remote: https://www.nuget.org/api/v2
    Expecto (8.13.2)
      FSharp.Core (>= 4.6)
      Mono.Cecil (>= 0.11.2)
    FSharp.Core (4.7.1)
    Microsoft.CodeCoverage (16.6)
    Microsoft.NET.Test.Sdk (16.6)
      Microsoft.CodeCoverage (>= 16.6)
    Mono.Cecil (0.11.2)
    System.Buffers (4.5.1)
    System.Collections.Immutable (1.7)
      System.Memory (>= 4.5.3)
    System.Memory (4.5.4)
      System.Buffers (>= 4.5.1)
      System.Numerics.Vectors (>= 4.5)
      System.Runtime.CompilerServices.Unsafe (>= 4.5.3)
    System.Numerics.Vectors (4.5)
    System.Runtime.CompilerServices.Unsafe (4.7.1)
    System.ValueTuple (4.5)
    YoloDev.Expecto.TestSdk (0.8)
      Expecto (>= 8.10 < 9.0)
      FSharp.Core (>= 4.3.4)
      System.Collections.Immutable (>= 1.4)
      System.ValueTuple (>= 4.4)
