RESTRICTION: == net462
NUGET
  remote: https://www.nuget.org/api/v2
    Expecto (9.0.4)
      FSharp.Core (>= 4.6)
      Mono.Cecil (>= 0.11.3)
    FSharp.Core (6.0.1)
    Mono.Cecil (0.11.4)
    Newtonsoft.Json (13.0.1)
    RestSharp (107.0.3)
    Wox.Plugin (1.3.159)
