RESTRICTION: == net5.0-windows7.0
NUGET
  remote: https://www.nuget.org/api/v2
    Expecto (9.0.4)
      FSharp.Core (>= 4.6)
      Mono.Cecil (>= 0.11.3)
    Flow.Launcher.Plugin (2.1.1)
      JetBrains.Annotations (>= 2021.2)
      PropertyChanged.Fody (>= 3.4)
    Fody (6.6)
    FSharp.Core (6.0.1)
    JetBrains.Annotations (2021.3)
    Mono.Cecil (0.11.4)
    Newtonsoft.Json (13.0.1)
    PropertyChanged.Fody (3.4)
      Fody (>= 6.5.1)
    RestSharp (107.0.3)
      System.Text.Json (>= 5.0)
    System.Runtime.CompilerServices.Unsafe (6.0)
    System.Text.Encodings.Web (6.0)
      System.Runtime.CompilerServices.Unsafe (>= 6.0)
    System.Text.Json (6.0.1)
      System.Runtime.CompilerServices.Unsafe (>= 6.0)
      System.Text.Encodings.Web (>= 6.0)
